PATH
  remote: .
  specs:
    ghrh (0.0.1)
      clamp (~> 0.6.1)
      highline (~> 1.6.19)
      httparty (~> 0.11.0)
      json (~> 1.7.7)
      tabularize (~> 0.2.9)

GEM
  remote: https://rubygems.org/
  specs:
    clamp (0.6.1)
    coderay (1.0.9)
    highline (1.6.19)
    httparty (0.11.0)
      multi_json (~> 1.0)
      multi_xml (>= 0.5.2)
    json (1.7.7)
    method_source (0.8.1)
    multi_json (1.7.3)
    multi_xml (0.5.3)
    pry (0.9.12.1)
      coderay (~> 1.0.5)
      method_source (~> 0.8)
      slop (~> 3.4)
    slop (3.4.4)
    tabularize (0.2.9)
      unicode-display_width (~> 0.1.1)
    unicode-display_width (0.1.1)

PLATFORMS
  ruby

DEPENDENCIES
  ghrh!
  pry
